GEM
  remote: https://rubygems.org/
  specs:
    coderay (1.1.0)
    ffi (1.9.10)
    gnuplot (2.6.2)
    hashmake (0.2.1)
    method_source (0.8.2)
    pocketsphinx-ruby (0.3.0)
      ffi (>= 1.9)
    pry (0.10.1)
      coderay (~> 1.1.0)
      method_source (~> 0.8.1)
      slop (~> 3.4)
    slop (3.6.0)
    spcore (0.2.1)
      gnuplot
      hashmake
    wavefile (0.6.0)

PLATFORMS
  ruby

DEPENDENCIES
  pocketsphinx-ruby
  pry
  spcore
  wavefile
